GEM
  remote: https://rubygems.org/
  specs:
    docile (1.1.5)
    json (2.0.3)
    power_assert (0.4.1)
    rake (12.0.0)
    simplecov (0.12.0)
      docile (~> 1.1.0)
      json (>= 1.8, < 3)
      simplecov-html (~> 0.10.0)
    simplecov-html (0.10.0)
    test-unit (3.2.3)
      power_assert

PLATFORMS
  ruby

DEPENDENCIES
  rake
  simplecov (~> 0.12)
  test-unit (~> 3.2)

BUNDLED WITH
   1.13.7
